GEM
  remote: https://rubygems.org/
  specs:
    cards_on_deck (0.1.7)
    minitest (5.14.4)
    rake (13.0.3)

PLATFORMS
  ruby

DEPENDENCIES
  cards_on_deck (~> 0.1.7)
  minitest
  rake

BUNDLED WITH
   1.17.2
